GEM
  remote: https://rubygems.org/
  specs:
    concurrent-ruby (1.0.5)
    execjs (2.7.0)
    rack (1.6.5)
    rack-protection (1.5.3)
      rack
    sass (3.4.23)
    sinatra (1.4.8)
      rack (~> 1.5)
      rack-protection (~> 1.4)
      tilt (>= 1.3, < 3)
    sprockets (3.7.1)
      concurrent-ruby (~> 1.0)
      rack (> 1, < 3)
    tilt (2.0.7)
    uglifier (3.1.10)
      execjs (>= 0.3.0, < 3)

PLATFORMS
  ruby

DEPENDENCIES
  sass
  sinatra
  sprockets
  uglifier

RUBY VERSION
   ruby 2.3.3p222

BUNDLED WITH
   1.13.7
